GIT
  remote: https://github.com/mongodb/mongo-ruby-driver
  revision: 04ca01aaede398fff92f4f2ed6ec02bf50122b91
  specs:
    mongo (2.9.0.rc0)
      bson (>= 4.4.2, < 5.0.0)

GEM
  remote: https://rubygems.org/
  specs:
    bson (4.5.0)
    byebug (11.0.1)
    faraday (0.15.4)
      multipart-post (>= 1.2, < 3)
    multipart-post (2.1.1)

PLATFORMS
  ruby

DEPENDENCIES
  byebug
  faraday
  mongo!

BUNDLED WITH
   1.17.2
