GEM
  remote: https://rubygems.org/
  specs:
    bson (4.3.0)
    kgio (2.11.2)
    mongo (2.6.0)
      bson (>= 4.3.0, < 5.0.0)
    mustermann (1.0.2)
    rack (2.0.5)
    rack-protection (2.0.3)
      rack
    raindrops (0.19.0)
    sinatra (2.0.3)
      mustermann (~> 1.0)
      rack (~> 2.0)
      rack-protection (= 2.0.3)
      tilt (~> 2.0)
    tilt (2.0.8)
    unicorn (5.4.0)
      kgio (~> 2.6)
      raindrops (~> 0.7)

PLATFORMS
  ruby

DEPENDENCIES
  mongo
  sinatra
  unicorn

BUNDLED WITH
   1.16.2
