PATH
  remote: ../../../exp/rspec-core
  specs:
    rspec-core (3.10.0.pre)
      rspec-support (= 3.10.0.pre)

PATH
  remote: ../../../exp/rspec-expectations
  specs:
    rspec-expectations (3.10.0.pre)
      diff-lcs (>= 1.2.0, < 2.0)
      rspec-support (= 3.10.0.pre)

PATH
  remote: ../../../exp/rspec-mocks
  specs:
    rspec-mocks (3.10.0.pre)
      diff-lcs (>= 1.2.0, < 2.0)
      rspec-support (= 3.10.0.pre)

PATH
  remote: ../../../exp/rspec-support
  specs:
    rspec-support (3.10.0.pre)

GEM
  remote: https://rubygems.org/
  specs:
    byebug (11.1.1)
    diff-lcs (1.3)

PLATFORMS
  ruby

DEPENDENCIES
  byebug
  rspec-core!
  rspec-expectations!
  rspec-mocks!
  rspec-support!

BUNDLED WITH
   2.1.4
