GEM
  remote: https://rubygems.org/
  specs:
    bson (4.8.2)
    mongo (2.12.1)
      bson (>= 4.8.2, < 5.0.0)

PLATFORMS
  ruby

DEPENDENCIES
  mongo (~> 2.12.0)

BUNDLED WITH
   2.1.4
