GEM
  remote: https://rubygems.org/
  specs:
    columnize (0.9.0)
    linecache (1.3.1-java)
    ruby-debug (0.11.0)
      columnize (>= 0.1)
      linecache (~> 1.3.1)
      ruby-debug-base (~> 0.11.0.0)
    ruby-debug-base (0.11.0-java)

PLATFORMS
  universal-java-11

DEPENDENCIES
  ruby-debug

BUNDLED WITH
   2.2.9
