GEM
  remote: https://rubygems.org/
  specs:
    bson (4.4.2)
    mongo (2.6.4)
      bson (>= 4.3.0, < 5.0.0)

PLATFORMS
  ruby

DEPENDENCIES
  mongo

BUNDLED WITH
   1.17.2
