PATH
  remote: ../../ruby-driver
  specs:
    mongo (2.12.1)
      bson (>= 4.8.2, < 5.0.0)

GEM
  remote: https://rubygems.org/
  specs:
    bson (4.9.2)

PLATFORMS
  ruby

DEPENDENCIES
  mongo!

BUNDLED WITH
   2.1.4
