PATH
  remote: ../../ruby-driver
  specs:
    mongo (2.14.0.rc1)
      bson (>= 4.8.2, < 5.0.0)

GEM
  specs:
    bson (4.12.0)
    byebug (11.1.3)

PLATFORMS
  ruby

DEPENDENCIES
  byebug
  mongo!

BUNDLED WITH
   2.1.4
