PATH
  remote: ../../ruby-driver
  specs:
    mongo (2.11.0.rc0)
      bson (>= 4.6.0, < 5.0.0)

GEM
  remote: https://rubygems.org/
  specs:
    bson (4.6.0)
    byebug (11.0.1)
    childprocess (3.0.0)

PLATFORMS
  ruby

DEPENDENCIES
  byebug
  childprocess
  mongo!

BUNDLED WITH
   1.17.2
