GIT
  remote: https://github.com/mongodb/bson-ruby
  revision: ef18dddce818b11be53213e4d40dd7d8f8112433
  specs:
    bson (4.3.0)
    bson (4.3.0-java)

GEM
  remote: https://rubygems.org/
  specs:

PLATFORMS
  java
  ruby

DEPENDENCIES
  bson!

BUNDLED WITH
   1.16.2
