GEM
  remote: https://rubygems.org/
  specs:
    bson (4.12.1)
    mongo (2.10.5)
      bson (>= 4.4.2, < 5.0.0)

PLATFORMS
  ruby

DEPENDENCIES
  mongo (~> 2.10.0)

BUNDLED WITH
   2.1.4
