GEM
  remote: https://rubygems.org/
  specs:
    bson (4.3.0)
    bson (4.3.0-java)

PLATFORMS
  java
  ruby

DEPENDENCIES
  bson

BUNDLED WITH
   1.16.2
