PATH
  remote: ../../exp/rspec-mocks
  specs:
    rspec-mocks-diag (3.8.1.1)
      diff-lcs (>= 1.2.0, < 2.0)
      rspec-support (~> 3.8.0)

GEM
  remote: https://rubygems.org/
  specs:
    byebug (11.0.1)
    diff-lcs (1.3)
    rspec-core (3.8.2)
      rspec-support (~> 3.8.0)
    rspec-support (3.8.2)

PLATFORMS
  ruby

DEPENDENCIES
  byebug
  rspec-core (~> 3.0)
  rspec-mocks-diag!

BUNDLED WITH
   1.17.2
