GEM
  remote: https://rubygems.org/
  specs:
    bson (4.4.2)
    ddtrace (0.21.0)
      msgpack
      opentracing (>= 0.4.1)
    mongo (2.8.0)
      bson (>= 4.4.2, < 5.0.0)
    msgpack (1.2.9)
    opentracing (0.5.0)

PLATFORMS
  ruby

DEPENDENCIES
  ddtrace
  mongo

BUNDLED WITH
   1.17.2
