GEM
  remote: https://rubygems.org/
  specs:
    ffi (1.13.0)

PLATFORMS
  ruby

DEPENDENCIES
  ffi

BUNDLED WITH
   2.2.0.dev
