PATH
  remote: ../../ruby-driver
  specs:
    mongo (2.14.0.beta)
      bson (>= 4.8.2, < 5.0.0)

GEM
  remote: https://rubygems.org/
  specs:
    bson (4.10.0)

PLATFORMS
  ruby

DEPENDENCIES
  mongo!

BUNDLED WITH
   2.1.4
